GEM
  remote: https://rubygems.org/
  specs:
    builder (3.2.3)
    childprocess (0.9.0)
      ffi (~> 1.0, >= 1.0.11)
    concurrent-ruby (1.0.5)
    cucumber (2.4.0)
      builder (>= 2.1.2)
      cucumber-core (~> 1.5.0)
      cucumber-wire (~> 0.0.1)
      diff-lcs (>= 1.1.3)
      gherkin (~> 4.0)
      multi_json (>= 1.7.5, < 2.0)
      multi_test (>= 0.1.2)
    cucumber-core (1.5.0)
      gherkin (~> 4.0)
    cucumber-wire (0.0.1)
    data_magic (1.2)
      faker (>= 1.1.2)
      yml_reader (>= 0.6)
    diff-lcs (1.3)
    faker (1.8.7)
      i18n (>= 0.7)
    ffi (1.9.23-x64-mingw32)
    gherkin (4.1.3)
    i18n (1.0.0)
      concurrent-ruby (~> 1.0)
    multi_json (1.13.1)
    multi_test (0.1.2)
    page-object (2.2.4)
      page_navigation (>= 0.10)
      selenium-webdriver (~> 3.0)
      watir (~> 6.8)
    page_navigation (0.10)
      data_magic (>= 0.22)
    rake (12.3.1)
    rspec-expectations (3.7.0)
      diff-lcs (>= 1.2.0, < 2.0)
      rspec-support (~> 3.7.0)
    rspec-support (3.7.1)
    rubyzip (1.2.1)
    selenium-webdriver (3.11.0)
      childprocess (~> 0.5)
      rubyzip (~> 1.2)
    watir (6.10.3)
      selenium-webdriver (~> 3.4, >= 3.4.1)
    yml_reader (0.7)

PLATFORMS
  x64-mingw32

DEPENDENCIES
  cucumber (= 2.4.0)
  page-object
  rake
  rspec-expectations
  watir

BUNDLED WITH
   1.16.0.pre.3
